GEM
  remote: http://rubygems.org/
  specs:
    addressable (2.2.6)
    dm-core (1.1.0)
      addressable (~> 2.2.4)
    dm-migrations (1.1.0)
      dm-core (~> 1.1.0)
    dm-serializer (1.1.0)
      dm-core (~> 1.1.0)
      fastercsv (~> 1.5.4)
      json (~> 1.4.6)
    dm-yaml-adapter (1.1.0)
      dm-core (~> 1.1.0)
    fastercsv (1.5.4)
    json (1.4.6)
    rack (1.3.3)
    sinatra (1.2.6)
      rack (~> 1.1)
      tilt (< 2.0, >= 1.2.2)
    tilt (1.3.3)

PLATFORMS
  ruby

DEPENDENCIES
  dm-core
  dm-migrations
  dm-serializer
  dm-yaml-adapter
  sinatra
